PATH
  remote: .
  specs:
    registerbekanntmachungen (0.1.0)

GEM
  remote: https://rubygems.org/
  specs:
    rake (13.2.1)
    regexp_parser (2.9.2)
    rexml (3.3.9)
    rubyzip (2.3.2)
    selenium-webdriver (4.10.0)
      rexml (~> 3.2, >= 3.2.5)
      rubyzip (>= 1.2.2, < 3.0)
      websocket (~> 1.0)
    watir (7.3.0)
      regexp_parser (>= 1.2, < 3)
      selenium-webdriver (~> 4.2)
    websocket (1.2.11)

PLATFORMS
  aarch64-linux
  arm-linux
  arm64-darwin
  x86-linux
  x86_64-darwin
  x86_64-linux

DEPENDENCIES
  rake (~> 13.0)
  registerbekanntmachungen!
  watir

BUNDLED WITH
   2.5.20
