PATH
  remote: .
  specs:
    registerbekanntmachungen (0.2.0)

GEM
  remote: https://rubygems.org/
  specs:
    base64 (0.2.0)
    colorize (1.1.0)
    logger (1.7.0)
    mini_portile2 (2.8.9)
    nokogiri (1.18.8)
      mini_portile2 (~> 2.8.2)
      racc (~> 1.4)
    nokogiri (1.18.8-aarch64-linux-gnu)
      racc (~> 1.4)
    nokogiri (1.18.8-arm-linux-gnu)
      racc (~> 1.4)
    nokogiri (1.18.8-arm64-darwin)
      racc (~> 1.4)
    nokogiri (1.18.8-x86_64-darwin)
      racc (~> 1.4)
    nokogiri (1.18.8-x86_64-linux-gnu)
      racc (~> 1.4)
    racc (1.8.1)
    rake (13.3.0)
    regexp_parser (2.10.0)
    rexml (3.4.1)
    rubyzip (2.4.1)
    selenium-webdriver (4.10.0)
      rexml (~> 3.2, >= 3.2.5)
      rubyzip (>= 1.2.2, < 3.0)
      websocket (~> 1.0)
    watir (7.3.0)
      regexp_parser (>= 1.2, < 3)
      selenium-webdriver (~> 4.2)
    webdrivers (5.3.1)
      nokogiri (~> 1.6)
      rubyzip (>= 1.3.0)
      selenium-webdriver (~> 4.0, < 4.11)
    websocket (1.2.11)

PLATFORMS
  aarch64-linux
  arm-linux
  arm64-darwin
  x86-linux
  x86_64-darwin
  x86_64-linux

DEPENDENCIES
  base64 (~> 0.2.0)
  colorize (~> 1.1)
  logger (~> 1.7)
  nokogiri (~> 1.16)
  rake (~> 13.0)
  registerbekanntmachungen!
  watir (~> 7.3)
  webdrivers (~> 5.3)

RUBY VERSION
   ruby 3.4.5p51

BUNDLED WITH
   2.5.20
